GIT
  remote: https://github.com/bengler/pebbles-cors
  revision: 9bf8ca58e2a7138da0e602f1d57c33202367f854
  specs:
    pebbles-cors (0.2.5)
      dalli
      pebblebed
      rack

GEM
  remote: https://rubygems.org/
  specs:
    absolute_time (1.0.0)
    activemodel (4.2.10)
      activesupport (= 4.2.10)
      builder (~> 3.1)
    activerecord (4.2.10)
      activemodel (= 4.2.10)
      activesupport (= 4.2.10)
      arel (~> 6.0)
    activesupport (4.2.10)
      i18n (~> 0.7)
      minitest (~> 5.1)
      thread_safe (~> 0.3, >= 0.3.4)
      tzinfo (~> 1.1)
    airbrake (3.1.17)
      builder
      multi_json
    amq-protocol (2.3.0)
    arel (6.0.4)
    backports (3.11.0)
    builder (3.2.3)
    bunny (2.9.1)
      amq-protocol (~> 2.3.0)
    concurrent-ruby (1.0.5)
    curb (0.9.4)
    dalli (2.7.6)
    deepstruct (0.0.7)
    diff-lcs (1.3)
    docile (1.1.5)
    futurevalue (0.0.2)
    git-version-bump (0.15.1)
    i18n (0.9.1)
      concurrent-ruby (~> 1.0)
    json (1.8.6)
    kgio (2.11.1)
    mini_portile2 (2.3.0)
    minitest (5.11.1)
    multi_json (1.13.1)
    nokogiri (1.8.1)
      mini_portile2 (~> 2.3.0)
    pathbuilder (0.0.2)
    pebblebed (0.3.25)
      absolute_time
      activesupport
      bunny
      curb (>= 0.8.8)
      deepstruct (>= 0.0.4)
      futurevalue
      nokogiri
      pathbuilder
      queryparams
      yajl-ruby
    pebbles-path (0.0.3)
      pebbles-uid (>= 0.0.6)
    pebbles-uid (0.0.22)
    petroglyph (0.0.7)
      tilt
    pg (0.18.4)
    queryparams (0.0.3)
    rack (1.6.8)
    rack-contrib (1.4.0)
      git-version-bump (~> 0.15)
      rack (~> 1.4)
    rack-protection (1.5.3)
      rack
    rack-test (0.6.3)
      rack (>= 1.0)
    rails-observers (0.1.2)
      activemodel (~> 4.0)
    raindrops (0.19.0)
    rake (10.4.2)
    rspec (3.4.0)
      rspec-core (~> 3.4.0)
      rspec-expectations (~> 3.4.0)
      rspec-mocks (~> 3.4.0)
    rspec-core (3.4.4)
      rspec-support (~> 3.4.0)
    rspec-expectations (3.4.0)
      diff-lcs (>= 1.2.0, < 2.0)
      rspec-support (~> 3.4.0)
    rspec-mocks (3.4.1)
      diff-lcs (>= 1.2.0, < 2.0)
      rspec-support (~> 3.4.0)
    rspec-support (3.4.1)
    simplecov (0.11.1)
      docile (~> 1.1.0)
      json (~> 1.8)
      simplecov-html (~> 0.10.0)
    simplecov-html (0.10.2)
    sinatra (1.4.6)
      rack (~> 1.4)
      rack-protection (~> 1.4)
      tilt (>= 1.3, < 3)
    sinatra-activerecord (2.0.9)
      activerecord (>= 3.2)
      sinatra (~> 1.0)
    sinatra-contrib (1.4.6)
      backports (>= 2.0)
      multi_json
      rack-protection
      rack-test
      sinatra (~> 1.4.0)
      tilt (>= 1.3, < 3)
    thread_safe (0.3.6)
    tilt (2.0.8)
    timecop (0.8.0)
    tzinfo (1.2.4)
      thread_safe (~> 0.1)
    unicorn (5.0.1)
      kgio (~> 2.6)
      rack
      raindrops (~> 0.7)
    yajl-ruby (1.2.1)

PLATFORMS
  ruby

DEPENDENCIES
  activerecord (~> 4.2.5)
  airbrake (~> 3.1.4)
  pebblebed (= 0.3.25)
  pebbles-cors!
  pebbles-path (= 0.0.3)
  pebbles-uid (= 0.0.22)
  petroglyph (= 0.0.7)
  pg (= 0.18.4)
  rack-contrib (= 1.4.0)
  rack-protection (~> 1.5.2)
  rack-test (= 0.6.3)
  rails-observers (= 0.1.2)
  rake (= 10.4.2)
  rspec (= 3.4.0)
  simplecov (= 0.11.1)
  sinatra (= 1.4.6)
  sinatra-activerecord (= 2.0.9)
  sinatra-contrib (= 1.4.6)
  timecop (= 0.8.0)
  unicorn (= 5.0.1)
  yajl-ruby (= 1.2.1)

BUNDLED WITH
   1.13.6
