GIT
  remote: https://github.com/bengler/pebbles-cors
  revision: 91f57a06671c1c3a15e50a5c8332f9699dc9bdba
  specs:
    pebbles-cors (0.2.3)
      dalli
      pebblebed
      rack

GEM
  remote: https://rubygems.org/
  specs:
    activemodel (4.2.5)
      activesupport (= 4.2.5)
      builder (~> 3.1)
    activerecord (4.2.5)
      activemodel (= 4.2.5)
      activesupport (= 4.2.5)
      arel (~> 6.0)
    activesupport (4.2.5)
      i18n (~> 0.7)
      json (~> 1.7, >= 1.7.7)
      minitest (~> 5.1)
      thread_safe (~> 0.3, >= 0.3.4)
      tzinfo (~> 1.1)
    airbrake (3.1.17)
      builder
      multi_json
    amq-protocol (2.0.1)
    arel (6.0.3)
    backports (3.6.7)
    builder (3.2.2)
    bunny (2.2.2)
      amq-protocol (>= 2.0.1)
    curb (0.9.0)
    dalli (2.7.5)
    deepstruct (0.0.7)
    diff-lcs (1.2.5)
    docile (1.1.5)
    futurevalue (0.0.2)
    git-version-bump (0.15.1)
    i18n (0.7.0)
    json (1.8.3)
    kgio (2.10.0)
    mini_portile2 (2.0.0)
    minitest (5.8.3)
    multi_json (1.11.2)
    nokogiri (1.6.7.1)
      mini_portile2 (~> 2.0.0.rc2)
    pathbuilder (0.0.2)
    pebblebed (0.3.4)
      activesupport
      bunny
      curb (>= 0.8.4)
      deepstruct (>= 0.0.4)
      futurevalue
      nokogiri
      pathbuilder
      queryparams
      yajl-ruby
    pebbles-path (0.0.3)
      pebbles-uid (>= 0.0.6)
    pebbles-uid (0.0.22)
    petroglyph (0.0.7)
      tilt
    pg (0.18.4)
    queryparams (0.0.3)
    rack (1.6.4)
    rack-contrib (1.4.0)
      git-version-bump (~> 0.15)
      rack (~> 1.4)
    rack-protection (1.5.3)
      rack
    rack-test (0.6.3)
      rack (>= 1.0)
    rails-observers (0.1.2)
      activemodel (~> 4.0)
    raindrops (0.15.0)
    rake (10.4.2)
    rspec (3.4.0)
      rspec-core (~> 3.4.0)
      rspec-expectations (~> 3.4.0)
      rspec-mocks (~> 3.4.0)
    rspec-core (3.4.1)
      rspec-support (~> 3.4.0)
    rspec-expectations (3.4.0)
      diff-lcs (>= 1.2.0, < 2.0)
      rspec-support (~> 3.4.0)
    rspec-mocks (3.4.0)
      diff-lcs (>= 1.2.0, < 2.0)
      rspec-support (~> 3.4.0)
    rspec-support (3.4.1)
    simplecov (0.11.1)
      docile (~> 1.1.0)
      json (~> 1.8)
      simplecov-html (~> 0.10.0)
    simplecov-html (0.10.0)
    sinatra (1.4.6)
      rack (~> 1.4)
      rack-protection (~> 1.4)
      tilt (>= 1.3, < 3)
    sinatra-activerecord (2.0.9)
      activerecord (>= 3.2)
      sinatra (~> 1.0)
    sinatra-contrib (1.4.6)
      backports (>= 2.0)
      multi_json
      rack-protection
      rack-test
      sinatra (~> 1.4.0)
      tilt (>= 1.3, < 3)
    thread_safe (0.3.5)
    tilt (2.0.1)
    timecop (0.8.0)
    tzinfo (1.2.2)
      thread_safe (~> 0.1)
    unicorn (5.0.1)
      kgio (~> 2.6)
      rack
      raindrops (~> 0.7)
    yajl-ruby (1.2.1)

PLATFORMS
  ruby

DEPENDENCIES
  activerecord (~> 4.2.5)
  airbrake (~> 3.1.4)
  pebblebed
  pebbles-cors!
  pebbles-path
  pebbles-uid
  petroglyph
  pg
  rack-contrib
  rack-protection (~> 1.5.2)
  rack-test
  rails-observers (~> 0.1)
  rake
  rspec
  simplecov
  sinatra
  sinatra-activerecord
  sinatra-contrib
  timecop
  unicorn
  yajl-ruby

BUNDLED WITH
   1.11.2
