GIT
  remote: git://github.com/bengler/bengler_test_helper.git
  revision: e7c857bfcb5c983390c7736d064824c7fc82b272
  specs:
    bengler_test_helper (0.0.4)

GIT
  remote: git://github.com/bengler/pebbles-cors.git
  revision: f54656f482b1229bfe11da4c7e0f97421d92c2ab
  specs:
    pebbles-cors (0.1.0)
      dalli
      pebblebed
      rack

GIT
  remote: git://github.com/rack/rack-contrib.git
  revision: af3663ca6200f8292b221acd5a406af33c219249
  specs:
    rack-contrib (1.1.0)
      rack (>= 0.9.1)

GEM
  remote: https://rubygems.org/
  specs:
    activemodel (3.2.12)
      activesupport (= 3.2.12)
      builder (~> 3.0.0)
    activerecord (3.2.12)
      activemodel (= 3.2.12)
      activesupport (= 3.2.12)
      arel (~> 3.0.2)
      tzinfo (~> 0.3.29)
    activesupport (3.2.12)
      i18n (~> 0.6)
      multi_json (~> 1.0)
    airbrake (3.1.4)
      builder
      girl_friday
    arel (3.0.2)
    backports (2.3.0)
    builder (3.0.4)
    bunny (0.8.0)
    connection_pool (0.9.2)
    curb (0.8.5)
    dalli (2.6.4)
    deepstruct (0.0.5)
    diff-lcs (1.2.4)
    eventmachine (0.12.10)
    futurevalue (0.0.2)
    girl_friday (0.10.0)
      connection_pool (~> 0.9.0)
    i18n (0.6.4)
    kgio (2.7.2)
    mini_portile (0.5.1)
    multi_json (1.0.4)
    nokogiri (1.6.0)
      mini_portile (~> 0.5.0)
    pathbuilder (0.0.2)
    pebblebed (0.1.3)
      activesupport
      bunny (~> 0.8.0)
      curb (>= 0.8.4)
      deepstruct (>= 0.0.4)
      futurevalue
      i18n
      nokogiri
      pathbuilder
      queryparams
      yajl-ruby
    pebbles-path (0.0.3)
      pebbles-uid (>= 0.0.6)
    pebbles-uid (0.0.16)
    petroglyph (0.0.3)
      tilt
    pg (0.12.2)
    queryparams (0.0.3)
    rack (1.5.2)
    rack-protection (1.3.2)
      rack
    rack-test (0.6.1)
      rack (>= 1.0)
    raindrops (0.8.0)
    rake (0.9.2.2)
    rspec (2.14.1)
      rspec-core (~> 2.14.0)
      rspec-expectations (~> 2.14.0)
      rspec-mocks (~> 2.14.0)
    rspec-core (2.14.5)
    rspec-expectations (2.14.3)
      diff-lcs (>= 1.1.3, < 2.0)
    rspec-mocks (2.14.3)
    simplecov (0.5.4)
      multi_json (~> 1.0.3)
      simplecov-html (~> 0.5.3)
    simplecov-html (0.5.3)
    sinatra (1.3.6)
      rack (~> 1.4)
      rack-protection (~> 1.3)
      tilt (~> 1.3, >= 1.3.3)
    sinatra-activerecord (0.1.3)
      sinatra (>= 0.9.4)
    sinatra-contrib (1.3.1)
      backports (>= 2.0)
      eventmachine
      rack-protection
      rack-test
      sinatra (~> 1.3.0)
      tilt (~> 1.3)
    tilt (1.4.1)
    timecop (0.6.1)
    tzinfo (0.3.37)
    unicorn (4.1.1)
      kgio (~> 2.4)
      rack
      raindrops (~> 0.6)
    yajl-ruby (1.1.0)

PLATFORMS
  ruby

DEPENDENCIES
  activerecord (~> 3.2.12)
  airbrake (~> 3.1.4)
  bengler_test_helper!
  pebblebed (~> 0.1.3)
  pebbles-cors!
  pebbles-path
  pebbles-uid
  petroglyph
  pg
  rack-contrib!
  rack-protection (~> 1.3.2)
  rack-test
  rake
  rspec
  simplecov
  sinatra
  sinatra-activerecord
  sinatra-contrib
  timecop
  unicorn (~> 4.1.1)
  yajl-ruby
